GEM
  remote: https://rubygems.org/
  specs:
    rubyzip (1.1.2)

PLATFORMS
  ruby

DEPENDENCIES
  rubyzip (~> 1.1.2)
