GEM
  remote: https://ruby.taobao.org/
  specs:
    rubyzip (1.1.7)

PLATFORMS
  ruby

DEPENDENCIES
  rubyzip (~> 1.1.2)
